PATH
  remote: .
  specs:
    country_currency (0.1.0)
      rake (~> 12)
      tzinfo (~> 1)

GEM
  remote: https://rubygems.org/
  specs:
    power_assert (1.1.1)
    rake (12.3.1)
    test-unit (3.2.7)
      power_assert
    thread_safe (0.3.6)
    tzinfo (1.2.5)
      thread_safe (~> 0.1)

PLATFORMS
  ruby

DEPENDENCIES
  country_currency!
  test-unit (~> 3.2)

BUNDLED WITH
   1.16.1
